PATH
  remote: .
  specs:
    hopscotch (0.1.3)
      bunny (~> 2.15)
      dry-configurable (~> 0.8)
      semantic_logger (~> 4.7)
      serverengine (~> 2.2)

GEM
  remote: https://rubygems.org/
  specs:
    amq-protocol (2.3.2)
    bunny (2.15.0)
      amq-protocol (~> 2.3, >= 2.3.1)
    concurrent-ruby (1.1.6)
    docile (1.3.2)
    dry-configurable (0.11.6)
      concurrent-ruby (~> 1.0)
      dry-core (~> 0.4, >= 0.4.7)
      dry-equalizer (~> 0.2)
    dry-core (0.4.9)
      concurrent-ruby (~> 1.0)
    dry-equalizer (0.3.0)
    faker (2.13.0)
      i18n (>= 1.6, < 2)
    i18n (1.8.5)
      concurrent-ruby (~> 1.0)
    json (2.3.1)
    minitest (5.14.1)
    mocha (1.11.2)
    rake (12.3.3)
    semantic_logger (4.7.2)
      concurrent-ruby (~> 1.0)
    serverengine (2.2.1)
      sigdump (~> 0.2.2)
    sigdump (0.2.4)
    simplecov (0.17.1)
      docile (~> 1.1)
      json (>= 1.8, < 3)
      simplecov-html (~> 0.10.0)
    simplecov-cobertura (1.3.1)
      simplecov (~> 0.8)
    simplecov-html (0.10.2)

PLATFORMS
  ruby

DEPENDENCIES
  faker
  hopscotch!
  minitest (~> 5.0)
  mocha (~> 1.11)
  rake (~> 12.0)
  simplecov (~> 0.10, < 0.18)
  simplecov-cobertura

BUNDLED WITH
   2.1.2
