PATH
  remote: .
  specs:
    Hopscotch (0.1.0)
      bunny (~> 2.15)
      dry-configurable (~> 0.11)
      semantic_logger (~> 4.7)
      serverengine (~> 2.2)

GEM
  remote: https://rubygems.org/
  specs:
    amq-protocol (2.3.2)
    bunny (2.15.0)
      amq-protocol (~> 2.3, >= 2.3.1)
    concurrent-ruby (1.1.6)
    dry-configurable (0.11.6)
      concurrent-ruby (~> 1.0)
      dry-core (~> 0.4, >= 0.4.7)
      dry-equalizer (~> 0.2)
    dry-core (0.4.9)
      concurrent-ruby (~> 1.0)
    dry-equalizer (0.3.0)
    minitest (5.14.1)
    mocha (1.11.2)
    rake (12.3.3)
    semantic_logger (4.7.1)
      concurrent-ruby (~> 1.0)
    serverengine (2.2.1)
      sigdump (~> 0.2.2)
    sigdump (0.2.4)

PLATFORMS
  ruby

DEPENDENCIES
  Hopscotch!
  minitest (~> 5.0)
  mocha (~> 1.11)
  rake (~> 12.0)

BUNDLED WITH
   2.1.2
